GEM
  specs:
    dotenv (2.1.1)
    httparty (0.14.0)
      multi_xml (>= 0.5.2)
    multi_xml (0.5.5)

PLATFORMS
  ruby

DEPENDENCIES
  dotenv
  httparty

BUNDLED WITH
   1.12.5
